PATH
  remote: .
  specs:
    datacentred (0.1.1pre)
      faraday (~> 0.9.1)
      recursive-open-struct (~> 1.0)

GEM
  remote: https://rubygems.org/
  specs:
    addressable (2.5.2)
      public_suffix (>= 2.0.2, < 4.0)
    crack (0.4.3)
      safe_yaml (~> 1.0.0)
    docile (1.1.5)
    faraday (0.9.2)
      multipart-post (>= 1.2, < 3)
    json (2.0.3)
    minitest (5.3.5)
    multipart-post (2.0.0)
    public_suffix (3.0.0)
    rake (12.0.0)
    recursive-open-struct (1.0.5)
    safe_yaml (1.0.4)
    simplecov (0.12.0)
      docile (~> 1.1.0)
      json (>= 1.8, < 3)
      simplecov-html (~> 0.10.0)
    simplecov-html (0.10.0)
    vcr (2.8.0)
    webmock (1.8.11)
      addressable (>= 2.2.7)
      crack (>= 0.1.7)
    yard (0.9.9)

PLATFORMS
  ruby

DEPENDENCIES
  datacentred!
  minitest (~> 5.3.1)
  rake (~> 12.0.0)
  simplecov (~> 0.12.0)
  vcr (~> 2.8.0)
  webmock (~> 1.8.0)
  yard (~> 0.9.0)

BUNDLED WITH
   1.15.4
