PATH
  remote: .
  specs:
    datacentred (0.1.1pre)
      faraday (~> 0.9.1)
      recursive-open-struct (~> 1.0)

GEM
  remote: https://rubygems.org/
  specs:
    addressable (2.5.2)
      public_suffix (>= 2.0.2, < 4.0)
    coveralls (0.8.0)
      multi_json (~> 1.10)
      rest-client (>= 1.6.8, < 2)
      simplecov (~> 0.9.1)
      term-ansicolor (~> 1.3)
      thor (~> 0.19.1)
    crack (0.4.3)
      safe_yaml (~> 1.0.0)
    docile (1.1.5)
    domain_name (0.5.20170404)
      unf (>= 0.0.5, < 1.0.0)
    faraday (0.9.2)
      multipart-post (>= 1.2, < 3)
    http-cookie (1.0.3)
      domain_name (~> 0.5)
    mime-types (2.99.3)
    minitest (5.3.5)
    multi_json (1.12.1)
    multipart-post (2.0.0)
    netrc (0.11.0)
    public_suffix (3.0.0)
    rake (12.0.0)
    recursive-open-struct (1.0.5)
    rest-client (1.8.0)
      http-cookie (>= 1.0.2, < 2.0)
      mime-types (>= 1.16, < 3.0)
      netrc (~> 0.7)
    safe_yaml (1.0.4)
    simplecov (0.9.2)
      docile (~> 1.1.0)
      multi_json (~> 1.0)
      simplecov-html (~> 0.9.0)
    simplecov-html (0.9.0)
    term-ansicolor (1.6.0)
      tins (~> 1.0)
    thor (0.19.4)
    tins (1.15.0)
    unf (0.1.4)
      unf_ext
    unf_ext (0.0.7.4)
    vcr (2.8.0)
    webmock (1.8.11)
      addressable (>= 2.2.7)
      crack (>= 0.1.7)
    yard (0.9.9)

PLATFORMS
  ruby

DEPENDENCIES
  coveralls
  datacentred!
  minitest (~> 5.3.1)
  rake (~> 12.0.0)
  vcr (~> 2.8.0)
  webmock (~> 1.8.0)
  yard (~> 0.9.0)

BUNDLED WITH
   1.15.4
