PATH
  remote: .
  specs:
    datacentred (0.1.1pre)
      faraday (~> 0.9.1)
      scrypt (~> 2.0.0)

GEM
  remote: https://rubygems.org/
  specs:
    addressable (2.5.2)
      public_suffix (>= 2.0.2, < 4.0)
    crack (0.4.3)
      safe_yaml (~> 1.0.0)
    faraday (0.9.2)
      multipart-post (>= 1.2, < 3)
    ffi (1.9.18)
    ffi-compiler (1.0.1)
      ffi (>= 1.0.0)
      rake
    minitest (5.3.5)
    multipart-post (2.0.0)
    public_suffix (3.0.0)
    rake (12.0.0)
    safe_yaml (1.0.4)
    scrypt (2.0.2)
      ffi-compiler (>= 0.0.2)
      rake
    vcr (2.8.0)
    webmock (1.8.11)
      addressable (>= 2.2.7)
      crack (>= 0.1.7)
    yard (0.8.7.6)

PLATFORMS
  ruby

DEPENDENCIES
  datacentred!
  minitest (~> 5.3.1)
  vcr (~> 2.8.0)
  webmock (~> 1.8.0)
  yard (~> 0.8.7.4)

BUNDLED WITH
   1.15.1
